GEM
  remote: http://rubygems.org/
  specs:
    backports (3.11.3)
    cryptocompare (0.14.0)
      faraday
      json
    faraday (0.15.0)
      multipart-post (>= 1.2, < 3)
    graphql (1.7.14)
    httparty (0.16.2)
      multi_xml (>= 0.5.2)
    json (2.1.0)
    mini_portile2 (2.3.0)
    multi_json (1.13.1)
    multi_xml (0.6.0)
    multipart-post (2.0.0)
    mustermann (1.0.2)
    nokogiri (1.8.2-x64-mingw32)
      mini_portile2 (~> 2.3.0)
    puma (3.11.4)
    rack (2.0.5)
    rack-contrib (2.0.1)
      rack (~> 2.0)
    rack-protection (2.0.1)
      rack
    sinatra (2.0.1)
      mustermann (~> 1.0)
      rack (~> 2.0)
      rack-protection (= 2.0.1)
      tilt (~> 2.0)
    sinatra-contrib (2.0.1)
      backports (>= 2.0)
      multi_json
      mustermann (~> 1.0)
      rack-protection (= 2.0.1)
      sinatra (= 2.0.1)
      tilt (>= 1.3, < 3)
    tilt (2.0.8)

PLATFORMS
  x64-mingw32

DEPENDENCIES
  cryptocompare
  graphql
  httparty
  nokogiri
  puma
  rack-contrib
  sinatra
  sinatra-contrib

BUNDLED WITH
   1.16.1
